GEM
  remote: https://rubygems.org/
  specs:
    daemons (1.1.9)
    haml (3.1.7)
    json (1.7.5)
    rack (1.4.1)
    rack-protection (1.2.0)
      rack
    sinatra (1.3.3)
      rack (~> 1.3, >= 1.3.6)
      rack-protection (~> 1.2)
      tilt (~> 1.3, >= 1.3.3)
    tilt (1.3.3)

PLATFORMS
  ruby

DEPENDENCIES
  daemons
  haml
  json
  sinatra
